[System]
Scanner=SkyScan2214
Instrument S/N=20C18017
Software Version=1.11.0
Home Directory=C:\SkyScan2214\SkyScan2214 User Software
Source Type=Hamamatsu L10711
Camera Type=FlatPanel: 2...50um, 140mm max.FOV
Camera Pixel Size (um)=74.800
Camera X/Y Ratio=1.0050
[User]
User Name=Skyscan4
Computer Name=ANAMIC05
[Acquisition]
Data Directory=D:\Results\Schmid BFH Methylcellulose\Sandwich\proj_05um_FP
Filename Prefix=Sandwich
Number Of Files= 3601
Number Of Rows= 1944
Number Of Columns= 3072
Filename Index Length=8
Partial Width=OFF
Image crop origin X=0
Image crop origin Y=0
Camera binning=1x1
Image Rotation=0.21000
Optical Axis (line)= 1003
Object to Source (mm)=20.958
Camera to Source (mm)=313.563
Source Voltage (kV)=  60
Source Current (uA)= 110
Source Target Power (W)=1.70
Image Pixel Size (um)=4.999574
Scaled Image Pixel Size (um)=4.999574
Image Format=TIFF
Depth (bits)=16
Reference Intensity=58000
Exposure (ms)=2366
Rotation Step (deg)=0.100
Use 360 Rotation=YES
High Aspect Ratio=NO
Scanning position=36.982 mm
Frame Averaging=OFF (2)
Flat Field Correction=ON
Geometrical Correction=ON
Camera Manufacturer Geometrical Correction=ON
FF updating interval=515
Random Movement=OFF (40)
Use camera up/down movement for ring suppression scans=OFF (40)
Filter=No Filter
Gantry direction=CW
Rotation Direction=CW
Intrinsic CS rotation in degree=0.0
Suggested HU - Calibration=180000
Type of Detector Motion=STEP AND SHOOT
Scanning Trajectory=ROUND
Source Filament Type=LaB6
Source spot size=Mid
Number Of Horizontal Offset Positions=1
Study Date and Time=27 Nov 2025  23h:03m:27s
Estimated Scan duration=4h:31m:2s
Scan duration=5h:57m:47s
Maximum Vertical TS=0.0
Maximum Horizontal TS=3.0
TS modified at=November28,09:24:56 ---  3601 of 3601 projections
TS modified according to=D:\Results\Schmid BFH Methylcellulose\Sandwich\proj_05um_FP\Sandwich_2DTransform.csv
TS modified at level=3
[Reconstruction]
Reconstruction Program=NRecon
Program Version=Version: 2.2.0.6
Program Home Directory=C:\SkyScan2214\SkyScan2214 User Software
Reconstruction engine=GPUReconServer
Engine version=Version: 2.2.0
Reconstruction from batch=Yes
Postalignment Applied=1
Postalignment=16.00
Reconstructed using oversize-option=No
Reconstruction servers= ANAMIC05 
Export VGL=0
Dataset Origin=SkyScan2214
Dataset Prefix=Sandwich
Dataset Directory=D:\Results\Schmid BFH Methylcellulose\Sandwich\proj_05um_FP
Output Directory=D:\Results\Schmid BFH Methylcellulose\Sandwich\rec_05um_FP
Time and Date=28 Nov 2025  09h:49m:27s
First Section=112
Last Section=1901
Reconstruction duration per slice (seconds)=0.153631
Total reconstruction time (1790 slices) in seconds=275.000000
Heel Effect Correction On=0
Section to Section Step=1
Sections Count=1790
Result File Type=PNG
Result File Header Length (bytes)=Unknown: compressed JPG format (100%)
Result Image Width (pixels)=1368
Result Image Height (pixels)=1368
Pixel Size (um)=4.99957
Reconstruction Angular Range (deg)=360.00
Use 180+=OFF
Angular Step (deg)=0.1000
Smoothing=0
Ring Artifact Correction=0
Draw Scales=OFF
Object Bigger than FOV=OFF
Reconstruction from ROI=ON
ROI Top (pixels)=2139
ROI Bottom (pixels)=769
ROI Left (pixels)=877
ROI Right (pixels)=2247
ROI reference length=3072
Filter cutoff relative to Nyquist frequency=100
Filter type=0
Filter type description=Hamming (Alpha=0.54)
Undersampling factor=1
Threshold for defect pixel mask (%)=0
Beam Hardening Correction (%)=0
CS Static Rotation (deg)=-62.29
CS Static Rotation Total(deg)=-62.29
Minimum for CS to Image Conversion=0.000000
Maximum for CS to Image Conversion=0.132811
HU Calibration=OFF
BMP LUT=0
Cone-beam Angle Horiz.(deg)=40.247284
Cone-beam Angle Vert.(deg)=26.109251
[File name convention]
Filename Index Length=8
Filename Prefix=Sandwich_rec
