[System]
Scanner=SkyScan2214
Instrument S/N=20C18017
Software Version=1.11.0
Home Directory=C:\SkyScan2214\SkyScan2214 User Software
Source Type=Hamamatsu L10711
Camera Type=FlatPanel: 2...50um, 140mm max.FOV
Camera Pixel Size (um)=74.800
Camera X/Y Ratio=1.0050
[User]
User Name=Skyscan4
Computer Name=ANAMIC05
[Acquisition]
Data Directory=D:\Results\Schmid BFH Methylcellulose\RainbowRoll\pink\proj
Filename Prefix=pink
Number Of Files= 2205
Number Of Rows= 1944
Number Of Columns= 3072
Filename Index Length=8
Partial Width=OFF
Image crop origin X=0
Image crop origin Y=0
Camera binning=1x1
Image Rotation=0.21000
Optical Axis (line)= 1003
Object to Source (mm)=16.767
Camera to Source (mm)=313.563
Source Voltage (kV)=  60
Source Current (uA)= 110
Source Target Power (W)=1.65
Image Pixel Size (um)=3.999816
Scaled Image Pixel Size (um)=3.999816
Image Format=TIFF
Depth (bits)=16
Reference Intensity=58000
Exposure (ms)=2366
Rotation Step (deg)=0.100
Use 360 Rotation=NO
High Aspect Ratio=NO
Scanning position=13.840 mm
Frame Averaging=OFF (2)
Flat Field Correction=ON
Geometrical Correction=ON
Camera Manufacturer Geometrical Correction=ON
FF updating interval=315
Random Movement=OFF (40)
Use camera up/down movement for ring suppression scans=OFF (40)
Filter=No Filter
Gantry direction=CW
Rotation Direction=CW
Intrinsic CS rotation in degree=0.0
Suggested HU - Calibration=180000
Type of Detector Motion=STEP AND SHOOT
Scanning Trajectory=ROUND
Source Filament Type=LaB6
Source spot size=Mid
Number Of Horizontal Offset Positions=1
Study Date and Time=25 Nov 2025  16h:50m:23s
Estimated Scan duration=2h:57m:19s
Scan duration=3h:40m:6s
Maximum Vertical TS=5.0
Maximum Horizontal TS=0.0
[Reconstruction]
Reconstruction Program=NRecon
Program Version=Version: 2.2.0.6
Program Home Directory=C:\SkyScan2214\SkyScan2214 User Software
Reconstruction engine=GPUReconServer
Engine version=Version: 2.2.0
Reconstruction from batch=Yes
Postalignment Applied=1
Postalignment=7.00
Reconstructed using oversize-option=No
Reconstruction servers= ANAMIC05 
Export VGL=0
Dataset Origin=SkyScan2214
Dataset Prefix=pink
Dataset Directory=D:\Results\Schmid BFH Methylcellulose\RainbowRoll\pink\proj
Output Directory=D:\Results\Schmid BFH Methylcellulose\RainbowRoll\pink\rec
Time and Date=27 Nov 2025  09h:37m:11s
First Section=237
Last Section=1686
Reconstruction duration per slice (seconds)=0.153793
Total reconstruction time (1450 slices) in seconds=223.000000
Heel Effect Correction On=0
Section to Section Step=1
Sections Count=1450
Result File Type=PNG
Result File Header Length (bytes)=Unknown: compressed JPG format (100%)
Result Image Width (pixels)=1556
Result Image Height (pixels)=720
Pixel Size (um)=3.99982
Reconstruction Angular Range (deg)=220.50
Use 180+=OFF
Angular Step (deg)=0.1000
Smoothing=0
Ring Artifact Correction=3
Draw Scales=OFF
Object Bigger than FOV=OFF
Reconstruction from ROI=ON
ROI Top (pixels)=1824
ROI Bottom (pixels)=1101
ROI Left (pixels)=773
ROI Right (pixels)=2331
ROI reference length=3072
Filter cutoff relative to Nyquist frequency=100
Filter type=0
Filter type description=Hamming (Alpha=0.54)
Undersampling factor=1
Threshold for defect pixel mask (%)=0
Beam Hardening Correction (%)=0
CS Static Rotation (deg)=-34.92
CS Static Rotation Total(deg)=-34.92
Minimum for CS to Image Conversion=0.000000
Maximum for CS to Image Conversion=0.333000
HU Calibration=OFF
BMP LUT=0
Cone-beam Angle Horiz.(deg)=40.247402
Cone-beam Angle Vert.(deg)=26.109333
[File name convention]
Filename Index Length=8
Filename Prefix=pink_rec
