[System]
Scanner=SkyScan2214
Instrument S/N=20C18017
Software Version=1.10.0
Home Directory=C:\SkyScan2214\SkyScan2214 User Software
Source Type=Hamamatsu L10711
Camera Type=CAM2: 0.2...6um, 22/42mm max.FOV
Camera Pixel Size (um)=8.916
Camera X/Y Ratio=1.0020
[User]
User Name=Skyscan4
Computer Name=ANAMIC05
[Acquisition]
Data Directory=D:\Results\Schmid BFH Methylcellulose\Framed\01_HART\proj
Filename Prefix=Rahmen_01
Number Of Files= 1000
Number Of Rows= 2688
Number Of Columns= 4032
Filename Index Length=8
Partial Width=OFF
Image crop origin X=0
Image crop origin Y=0
Camera binning=1x1
Image Rotation=0.24000
Optical Axis (line)= 1333
Object to Source (mm)=39.348
Camera to Source (mm)=233.876
Source Voltage (kV)=  40
Source Current (uA)= 100
Source Target Power (W)=0.18
Image Pixel Size (um)=1.500049
Scaled Image Pixel Size (um)=1.500049
Image Format=TIFF
Depth (bits)=16
Reference Intensity=58000
Camera position=close
Exposure (ms)=6105
Rotation Step (deg)=0.100
Use 360 Rotation=YES
High Aspect Ratio=YES
Scanning position=20.048 mm
Frame Averaging=ON (5)
Flat Field Correction=ON
Geometrical Correction=ON
Camera Manufacturer Geometrical Correction=ON
FF updating interval=143
Random Movement=OFF (40)
Use camera up/down movement for ring suppression scans=OFF (40)
Filter=No Filter
Gantry direction=CW
Rotation Direction=CW
Intrinsic CS rotation in degree=0.0
Suggested HU - Calibration=180000
Type of Detector Motion=STEP AND SHOOT
Scanning Trajectory=ROUND
Source Filament Type=LaB6
Source spot size=Small
Camera zoom position=Near
Number Of Horizontal Offset Positions=1
Study Date and Time=28 Jun 2025  00h:55m:17s
Estimated Scan duration=10h:42m:5s
Scan duration=11h:17m:26s
Maximum Vertical TS=3.0
Maximum Horizontal TS=6.0
TS modified at=June30,14:51:49 ---  1000 of 1000 projections
TS modified according to=D:\Results\Schmid BFH Methylcellulose\Framed\01_HART\proj\Rahmen_01_2DTransform.csv
TS modified at level=3
[Reconstruction]
Reconstruction Program=NRecon
Program Version=Version: 2.2.0.6
Program Home Directory=C:\SkyScan2214\SkyScan2214 User Software
Reconstruction engine=GPUReconServer
Engine version=Version: 2.2.0
Reconstruction from batch=Yes
Postalignment Applied=1
Postalignment=44.50
Reconstructed using oversize-option=No
Reconstruction servers= ANAMIC05 
Export VGL=0
Dataset Origin=SkyScan2214
Dataset Prefix=Rahmen_01
Dataset Directory=D:\Results\Schmid BFH Methylcellulose\Framed\01_HART\proj
Output Directory=D:\Results\Schmid BFH Methylcellulose\Framed\01_HART\rec
Time and Date=30 Jun 2025  15h:35m:56s
First Section=102
Last Section=2583
Reconstruction duration per slice (seconds)=0.125302
Total reconstruction time (2482 slices) in seconds=311.000000
Heel Effect Correction On=0
Section to Section Step=1
Sections Count=2482
Result File Type=PNG
Result File Header Length (bytes)=Unknown: compressed JPG format (100%)
Result Image Width (pixels)=4024
Result Image Height (pixels)=1156
Pixel Size (um)=1.50005
Reconstruction Angular Range (deg)=360.21
Use 180+=OFF
Angular Step (deg)=0.3602
Smoothing=0
Ring Artifact Correction=5
Draw Scales=OFF
Object Bigger than FOV=ON
Reconstruction from ROI=ON
ROI Top (pixels)=2513
ROI Bottom (pixels)=1356
ROI Left (pixels)=0
ROI Right (pixels)=4024
ROI reference length=4032
Filter cutoff relative to Nyquist frequency=100
Filter type=0
Filter type description=Hamming (Alpha=0.54)
Undersampling factor=1
Threshold for defect pixel mask (%)=0
Beam Hardening Correction (%)=0
CS Static Rotation (deg)=86.51
CS Static Rotation Total(deg)=86.51
Minimum for CS to Image Conversion=0.000000
Maximum for CS to Image Conversion=0.700445
HU Calibration=OFF
BMP LUT=0
Cone-beam Angle Horiz.(deg)=8.789680
Cone-beam Angle Vert.(deg)=5.866176
[File name convention]
Filename Index Length=8
Filename Prefix=Rahmen_01_rec
