[System]
Scanner=SkyScan2214
Instrument S/N=20C18017
Software Version=1.11.0
Home Directory=C:\SkyScan2214\SkyScan2214 User Software
Source Type=Hamamatsu L10711
Camera Type=FlatPanel: 2...50um, 140mm max.FOV
Camera Pixel Size (um)=74.800
Camera X/Y Ratio=1.0050
[User]
User Name=Skyscan4
Computer Name=ANAMIC05
[Acquisition]
Data Directory=D:\Results\Schmid BFH Methylcellulose\RainbowRoll\blue\proj
Filename Prefix=blue
Number Of Files= 2205
Number Of Rows= 1944
Number Of Columns= 3072
Filename Index Length=8
Partial Width=OFF
Image crop origin X=0
Image crop origin Y=0
Camera binning=1x1
Image Rotation=0.21000
Optical Axis (line)= 1003
Object to Source (mm)=16.767
Camera to Source (mm)=313.563
Source Voltage (kV)=  60
Source Current (uA)= 110
Source Target Power (W)=1.58
Image Pixel Size (um)=3.999816
Scaled Image Pixel Size (um)=3.999816
Image Format=TIFF
Depth (bits)=16
Reference Intensity=58000
Exposure (ms)=2366
Rotation Step (deg)=0.100
Use 360 Rotation=NO
High Aspect Ratio=NO
Scanning position=13.310 mm
Frame Averaging=OFF (2)
Flat Field Correction=ON
Geometrical Correction=ON
Camera Manufacturer Geometrical Correction=ON
FF updating interval=315
Random Movement=OFF (40)
Use camera up/down movement for ring suppression scans=OFF (40)
Filter=No Filter
Gantry direction=CW
Rotation Direction=CW
Intrinsic CS rotation in degree=0.0
Suggested HU - Calibration=180000
Type of Detector Motion=STEP AND SHOOT
Scanning Trajectory=ROUND
Source Filament Type=LaB6
Source spot size=Mid
Number Of Horizontal Offset Positions=1
Study Date and Time=25 Nov 2025  09h:22m:39s
Estimated Scan duration=2h:57m:19s
Scan duration=0h:0m:0s
