[System]
Scanner=SkyScan2214
Instrument S/N=20C18017
Software Version=1.8
Home Directory=C:\SkyScan2214\SkyScan2214 User Software
Source Type=Hamamatsu L10711
Camera Type=CCD2: 0.2...6um, 22/42mm max.FOV
Camera Pixel Size (um)=8.916
Camera X/Y Ratio=1.0020
[User]
User Name=Skyscan4
Computer Name=ANAMIC05
[Acquisition]
Data Directory=D:\Results\Schmid BFH Methylcellulose\Chunks\Chunks02_CCD\proj
Filename Prefix=Chunks02
Number Of Files= 1913
Number Of Rows= 2688
Number Of Columns= 4032
Filename Index Length=8
Partial Width=OFF
Image crop origin X=0
Image crop origin Y=0
Camera binning=1x1
Image Rotation=0.24000
Optical Axis (line)= 1333
Object to Source (mm)=65.580
Camera to Source (mm)=233.876
Source Voltage (kV)=  40
Source Current (uA)= 120
Source Target Power (W)=1.35
Image Pixel Size (um)=2.500078
Scaled Image Pixel Size (um)=2.500078
Image Format=TIFF
Depth (bits)=16
Reference Intensity=58000
Camera position=close
Exposure (ms)=957
Rotation Step (deg)=0.100
Use 360 Rotation=NO
High Aspect Ratio=NO
Scanning position=51.101 mm
Frame Averaging=ON (3)
Flat Field Correction=ON
FF updating interval=274
Random Movement=OFF (40)
Filter=No Filter
Gantry direction=CW
Rotation Direction=CW
Intrinsic CS rotation in degree=0.0
Type of Detector Motion=STEP AND SHOOT
Scanning Trajectory=ROUND
Source Filament Type=LaB6
Source spot size=Mid
Camera zoom position=Near
Suggested HU - Calibration=180000
Number Of Horizontal Offset Positions=1
Study Date and Time=08 Jan 2025  12h:37m:58s
Estimated Scan duration=4h:17m:51s
Scan duration=3h:20m:39s
Maximum Vertical TS=3.0
Maximum Horizontal TS=0.0
TS modified at=January09,10:50:03 ---  1913 of 1913 projections
TS modified according to=D:\Results\Schmid BFH Methylcellulose\Chunks\Chunks02_CCD\proj\Chunks02_2DTransform.csv
TS modified at level=3
[Reconstruction]
Reconstruction Program=NRecon
Program Version=Version: 2.2.0.6
Program Home Directory=C:\SkyScan2214\SkyScan2214 User Software
Reconstruction engine=GPUReconServer
Engine version=Version: 2.2.0
Reconstruction from batch=Yes
Postalignment Applied=1
Postalignment=58.50
Reconstructed using oversize-option=No
Reconstruction servers= ANAMIC05 
Export VGL=0
Dataset Origin=SkyScan2214
Dataset Prefix=Chunks02
Dataset Directory=D:\Results\Schmid BFH Methylcellulose\Chunks\Chunks02_CCD\proj
Output Directory=D:\Results\Schmid BFH Methylcellulose\Chunks\Chunks02_CCD\rec
Time and Date=10 Jan 2025  11h:32m:05s
First Section=1451
Last Section=1919
Reconstruction duration per slice (seconds)=0.430704
Total reconstruction time (469 slices) in seconds=202.000000
Heel Effect Correction On=0
Section to Section Step=1
Sections Count=469
Result File Type=PNG
Result File Header Length (bytes)=Unknown: compressed JPG format (100%)
Result Image Width (pixels)=4032
Result Image Height (pixels)=4032
Pixel Size (um)=2.50008
Reconstruction Angular Range (deg)=191.30
Use 180+=OFF
Angular Step (deg)=0.1000
Smoothing=0
Ring Artifact Correction=0
Draw Scales=OFF
Object Bigger than FOV=OFF
Reconstruction from ROI=OFF
Filter cutoff relative to Nyquist frequency=100
Filter type=0
Filter type description=Hamming (Alpha=0.54)
Undersampling factor=1
Threshold for defect pixel mask (%)=0
Beam Hardening Correction (%)=0
CS Static Rotation (deg)=40.65
CS Static Rotation Total(deg)=40.65
Minimum for CS to Image Conversion=0.000000
Maximum for CS to Image Conversion=0.347949
HU Calibration=OFF
BMP LUT=0
Cone-beam Angle Horiz.(deg)=8.789666
Cone-beam Angle Vert.(deg)=5.866167
