[System]
Scanner=SkyScan2214
Instrument S/N=20C18017
Software Version=1.11.0
Home Directory=C:\SkyScan2214\SkyScan2214 User Software
Source Type=Hamamatsu L10711
Camera Type=FlatPanel: 2...50um, 140mm max.FOV
Camera Pixel Size (um)=74.800
Camera X/Y Ratio=1.0050
[User]
User Name=Skyscan4
Computer Name=ANAMIC05
[Acquisition]
Data Directory=D:\Results\Schmid BFH Methylcellulose\RainbowRoll\blue\proj
Filename Prefix=blue
Number Of Files= 2205
Number Of Rows= 1944
Number Of Columns= 3072
Filename Index Length=8
Partial Width=OFF
Image crop origin X=0
Image crop origin Y=0
Camera binning=1x1
Image Rotation=0.21000
Optical Axis (line)= 1003
Object to Source (mm)=16.767
Camera to Source (mm)=313.563
Source Voltage (kV)=  60
Source Current (uA)= 110
Source Target Power (W)=1.64
Image Pixel Size (um)=3.999816
Scaled Image Pixel Size (um)=3.999816
Image Format=TIFF
Depth (bits)=16
Reference Intensity=58000
Exposure (ms)=2366
Rotation Step (deg)=0.100
Use 360 Rotation=NO
High Aspect Ratio=NO
Scanning position=13.310 mm
Frame Averaging=OFF (2)
Flat Field Correction=ON
Geometrical Correction=ON
Camera Manufacturer Geometrical Correction=ON
FF updating interval=315
Random Movement=OFF (40)
Use camera up/down movement for ring suppression scans=OFF (40)
Filter=No Filter
Gantry direction=CW
Rotation Direction=CW
Intrinsic CS rotation in degree=0.0
Suggested HU - Calibration=180000
Type of Detector Motion=STEP AND SHOOT
Scanning Trajectory=ROUND
Source Filament Type=LaB6
Source spot size=Mid
Number Of Horizontal Offset Positions=1
Study Date and Time=25 Nov 2025  13h:02m:05s
Estimated Scan duration=2h:57m:19s
Scan duration=3h:39m:25s
Maximum Vertical TS=11.0
Maximum Horizontal TS=2.0
TS modified at=November25,13:12:22 ---  2205 of 2205 projections
TS modified according to=D:\Results\Schmid BFH Methylcellulose\RainbowRoll\blue\proj\blue_2DTransform.csv
TS modified at level=3
[Reconstruction]
Reconstruction Program=NRecon
Program Version=Version: 2.2.0.6
Program Home Directory=C:\SkyScan2214\SkyScan2214 User Software
Reconstruction engine=GPUReconServer
Engine version=Version: 2.2.0
Reconstruction from batch=Yes
Postalignment Applied=1
Postalignment=4.00
Reconstructed using oversize-option=No
Reconstruction servers= ANAMIC05 
Export VGL=0
Dataset Origin=SkyScan2214
Dataset Prefix=blue
Dataset Directory=D:\Results\Schmid BFH Methylcellulose\RainbowRoll\blue\proj
Output Directory=D:\Results\Schmid BFH Methylcellulose\RainbowRoll\blue\rec
Time and Date=27 Nov 2025  09h:40m:10s
First Section=232
Last Section=1738
Reconstruction duration per slice (seconds)=0.111480
Total reconstruction time (1507 slices) in seconds=168.000000
Heel Effect Correction On=0
Section to Section Step=1
Sections Count=1507
Result File Type=PNG
Result File Header Length (bytes)=Unknown: compressed JPG format (100%)
Result Image Width (pixels)=1556
Result Image Height (pixels)=416
Pixel Size (um)=3.99982
Reconstruction Angular Range (deg)=220.50
Use 180+=OFF
Angular Step (deg)=0.1000
Smoothing=0
Ring Artifact Correction=3
Draw Scales=OFF
Object Bigger than FOV=OFF
Reconstruction from ROI=ON
ROI Top (pixels)=1847
ROI Bottom (pixels)=1428
ROI Left (pixels)=773
ROI Right (pixels)=2331
ROI reference length=3072
Filter cutoff relative to Nyquist frequency=100
Filter type=0
Filter type description=Hamming (Alpha=0.54)
Undersampling factor=1
Threshold for defect pixel mask (%)=0
Beam Hardening Correction (%)=0
CS Static Rotation (deg)=-72.85
CS Static Rotation Total(deg)=-72.85
Minimum for CS to Image Conversion=0.000000
Maximum for CS to Image Conversion=0.333000
HU Calibration=OFF
BMP LUT=0
Cone-beam Angle Horiz.(deg)=40.247402
Cone-beam Angle Vert.(deg)=26.109333
[File name convention]
Filename Index Length=8
Filename Prefix=blue_rec
