[System]
Scanner=SkyScan2214
Instrument S/N=20C18017
Software Version=1.10.0
Home Directory=C:\SkyScan2214\SkyScan2214 User Software
Source Type=Hamamatsu L10711
Camera Type=CAM2: 0.2...6um, 22/42mm max.FOV
Camera Pixel Size (um)=8.916
Camera X/Y Ratio=1.0020
[User]
User Name=Skyscan4
Computer Name=ANAMIC05
[Acquisition]
Data Directory=D:\Results\Schmid BFH Methylcellulose\Framed\02_0.65um\proj
Filename Prefix=Rahmen02
Number Of Files= 3601
Number Of Rows= 2688
Number Of Columns= 4032
Filename Index Length=8
Partial Width=OFF
Image crop origin X=0
Image crop origin Y=0
Camera binning=1x1
Image Rotation=0.24000
Optical Axis (line)= 1333
Object to Source (mm)=17.053
Camera to Source (mm)=233.876
Source Voltage (kV)=  25
Source Current (uA)= 100
Source Target Power (W)=0.06
Image Pixel Size (um)=0.650109
Scaled Image Pixel Size (um)=0.650109
Image Format=TIFF
Depth (bits)=16
Reference Intensity=58000
Camera position=close
Exposure (ms)=9829
Rotation Step (deg)=0.100
Use 360 Rotation=YES
High Aspect Ratio=NO
Scanning position=21.004 mm
Frame Averaging=OFF (5)
Flat Field Correction=ON
Geometrical Correction=ON
Camera Manufacturer Geometrical Correction=ON
FF updating interval=515
Random Movement=OFF (40)
Use camera up/down movement for ring suppression scans=OFF (40)
Filter=No Filter
Gantry direction=CW
Rotation Direction=CW
Intrinsic CS rotation in degree=0.0
Suggested HU - Calibration=180000
Type of Detector Motion=STEP AND SHOOT
Scanning Trajectory=ROUND
Source Filament Type=LaB6
Source spot size=Small
Camera zoom position=Near
Number Of Horizontal Offset Positions=1
Study Date and Time=08 Jul 2025  05h:32m:48s
Estimated Scan duration=11h:25m:55s
Scan duration=13h:19m:2s
Maximum Vertical TS=7.0
Maximum Horizontal TS=12.0
TS modified at=July08,09:43:22 ---  3601 of 3601 projections
TS modified according to=D:\Results\Schmid BFH Methylcellulose\Framed\02_0.65um\proj\Rahmen02_2DTransform.csv
TS modified at level=3
[Reconstruction]
Pseudo-parallel projection calculated=1
