[System]
Scanner=SkyScan2214
Instrument S/N=20C18017
Software Version=1.11.0
Home Directory=C:\SkyScan2214\SkyScan2214 User Software
Source Type=Hamamatsu L10711
Camera Type=FlatPanel: 2...50um, 140mm max.FOV
Camera Pixel Size (um)=74.800
Camera X/Y Ratio=1.0050
[User]
User Name=Skyscan4
Computer Name=ANAMIC05
[Acquisition]
Data Directory=D:\Results\Schmid BFH Methylcellulose\Kreidegrund\Eigenherstellung_A4M\proj
Filename Prefix=Eigenherstellung_A4M
Number Of Files= 3601
Number Of Rows= 1944
Number Of Columns= 3072
Filename Index Length=8
Partial Width=OFF
Image crop origin X=0
Image crop origin Y=0
Camera binning=1x1
Image Rotation=0.21000
Optical Axis (line)= 1003
Object to Source (mm)=12.500
Camera to Source (mm)=313.563
Source Voltage (kV)=  40
Source Current (uA)= 120
Source Target Power (W)=1.21
Image Pixel Size (um)=2.981882
Scaled Image Pixel Size (um)=2.981882
Image Format=TIFF
Depth (bits)=16
Reference Intensity=58000
Exposure (ms)=2915
Rotation Step (deg)=0.100
Use 360 Rotation=YES
High Aspect Ratio=NO
Scanning position=8.127 mm
Frame Averaging=OFF (2)
Flat Field Correction=ON
Geometrical Correction=ON
Camera Manufacturer Geometrical Correction=ON
FF updating interval=515
Random Movement=OFF (40)
Use camera up/down movement for ring suppression scans=OFF (40)
Filter=No Filter
Gantry direction=CW
Rotation Direction=CW
Intrinsic CS rotation in degree=0.0
Suggested HU - Calibration=180000
Type of Detector Motion=STEP AND SHOOT
Scanning Trajectory=ROUND
Source Filament Type=LaB6
Source spot size=Mid
Number Of Horizontal Offset Positions=1
Study Date and Time=08 Dec 2025  19h:29m:06s
Estimated Scan duration=5h:3m:59s
Scan duration=7h:1m:53s
Maximum Vertical TS=1.0
Maximum Horizontal TS=0.0
TS modified at=December09,10:03:58 ---  3601 of 3601 projections
TS modified according to=D:\Results\Schmid BFH Methylcellulose\Kreidegrund\Eigenherstellung_A4M\proj\Eigenherstellung_A4M_2DTransform.csv
TS modified at level=3
[Reconstruction]
Reconstruction Program=NRecon
Program Version=Version: 2.2.0.6
Program Home Directory=C:\SkyScan2214\SkyScan2214 User Software
Reconstruction engine=GPUReconServer
Engine version=Version: 2.2.0
Reconstruction from batch=Yes
Postalignment Applied=1
Postalignment=-3.00
Reconstructed using oversize-option=No
Reconstruction servers= ANAMIC05 
Export VGL=0
Dataset Origin=SkyScan2214
Dataset Prefix=Eigenherstellung_A4M
Dataset Directory=D:\Results\Schmid BFH Methylcellulose\Kreidegrund\Eigenherstellung_A4M\proj
Output Directory=D:\Results\Schmid BFH Methylcellulose\Kreidegrund\Eigenherstellung_A4M\rec
Time and Date=09 Dec 2025  10h:20m:38s
First Section=730
Last Section=1323
Reconstruction duration per slice (seconds)=0.296296
Total reconstruction time (594 slices) in seconds=176.000000
Heel Effect Correction On=0
Section to Section Step=1
Sections Count=594
Result File Type=PNG
Result File Header Length (bytes)=Unknown: compressed JPG format (100%)
Result Image Width (pixels)=2004
Result Image Height (pixels)=2004
Pixel Size (um)=2.98188
Reconstruction Angular Range (deg)=360.00
Use 180+=OFF
Angular Step (deg)=0.1000
Smoothing=0
Ring Artifact Correction=0
Draw Scales=OFF
Object Bigger than FOV=OFF
Reconstruction from ROI=ON
ROI Top (pixels)=2495
ROI Bottom (pixels)=488
ROI Left (pixels)=464
ROI Right (pixels)=2471
ROI reference length=3072
Filter cutoff relative to Nyquist frequency=100
Filter type=0
Filter type description=Hamming (Alpha=0.54)
Undersampling factor=1
Threshold for defect pixel mask (%)=0
Beam Hardening Correction (%)=0
CS Static Rotation (deg)=42.03
CS Static Rotation Total(deg)=42.03
Minimum for CS to Image Conversion=0.000000
Maximum for CS to Image Conversion=0.300000
HU Calibration=OFF
BMP LUT=0
Cone-beam Angle Horiz.(deg)=40.247047
Cone-beam Angle Vert.(deg)=26.109091
[File name convention]
Filename Index Length=8
Filename Prefix=Eigenherstellung_A4M_rec
