[System]
Scanner=SkyScan2214
Instrument S/N=20C18017
Software Version=1.8
Home Directory=C:\SkyScan2214\SkyScan2214 User Software
Source Type=Hamamatsu L10711
Camera Type=FlatPanel: 2...50um, 140mm max.FOV
Camera Pixel Size (um)=74.800
Camera X/Y Ratio=1.0050
[User]
User Name=Skyscan4
Computer Name=ANAMIC05
[Acquisition]
Data Directory=D:\Results\Schmid BFH Methylcellulose\Kreidegrund\MC-Titanweiss\proj
Filename Prefix=Ti
Number Of Files= 3601
Number Of Rows= 1944
Number Of Columns= 3066
Filename Index Length=8
Partial Width=OFF
Image crop origin X=0
Image crop origin Y=0
Camera binning=1x1
Image Rotation=0.18000
Optical Axis (line)= 1003
Object to Source (mm)=12.208
Camera to Source (mm)=313.563
Source Voltage (kV)=  40
Source Current (uA)= 120
Source Target Power (W)=1.23
Image Pixel Size (um)=2.912202
Scaled Image Pixel Size (um)=2.912202
Image Format=TIFF
Depth (bits)=16
Reference Intensity=58000
Exposure (ms)=3105
Rotation Step (deg)=0.100
Use 360 Rotation=YES
High Aspect Ratio=NO
Scanning position=11.039 mm
Frame Averaging=OFF (3)
Flat Field Correction=ON
FF updating interval=515
Random Movement=OFF (40)
Filter=No Filter
Gantry direction=CW
Rotation Direction=CW
Intrinsic CS rotation in degree=0.0
Type of Detector Motion=STEP AND SHOOT
Scanning Trajectory=ROUND
Source Filament Type=W
Source spot size=Mid
Suggested HU - Calibration=180000
Number Of Horizontal Offset Positions=1
Study Date and Time=25 Oct 2024  00h:22m:48s
Estimated Scan duration=5h:15m:23s
Scan duration=7h:21m:34s
Maximum Vertical TS=1.0
Maximum Horizontal TS=0.0
TS modified at=October25,08:52:52 ---  3601 of 3601 projections
TS modified according to=D:\Results\Schmid BFH Methylcellulose\Kreidegrund\MC-Titanweiss\proj\Ti_2DTransform.csv
TS modified at level=3
Linear pixel value=-1
[Single Distance Phase Retrieval]
Camera Distance In Mm=11.732704
XRay Energy In KeV=20.000000
Projection Pixel Size In Micron=2.912202
Delta Beta Ratio=400.000000
Apply Image Restoration=1
Restoration Gauss Width In Pixel=0.100000
Restoration Stabiliser=0.500000
Image Conversion Maximum=8.625964
Image Conversion Minimum=6.621118
