[System]
Scanner=SkyScan2214
Instrument S/N=20C18017
Software Version=1.8
Home Directory=C:\SkyScan2214\SkyScan2214 User Software
Source Type=Hamamatsu L10711
Camera Type=CCD2: 0.2...6um, 22/42mm max.FOV
Camera Pixel Size (um)=8.916
Camera X/Y Ratio=1.0020
[User]
User Name=Skyscan4
Computer Name=ANAMIC05
[Acquisition]
Data Directory=D:\Results\Schmid BFH Methylcellulose\Blobs\MC-Titanweiss\proj
Filename Prefix=TiO
Number Of Files= 3601
Number Of Rows= 2688
Number Of Columns= 4032
Filename Index Length=8
Partial Width=OFF
Image crop origin X=0
Image crop origin Y=0
Camera binning=1x1
Image Rotation=0.28000
Optical Axis (line)= 1333
Object to Source (mm)=39.348
Camera to Source (mm)=233.876
Source Voltage (kV)=  40
Source Current (uA)= 120
Source Target Power (W)=1.23
Image Pixel Size (um)=1.500049
Scaled Image Pixel Size (um)=1.500049
Image Format=TIFF
Depth (bits)=16
Reference Intensity=58000
Camera position=close
Exposure (ms)=1037
Rotation Step (deg)=0.100
Use 360 Rotation=YES
High Aspect Ratio=NO
Scanning position=12.000 mm
Frame Averaging=ON (3)
Flat Field Correction=ON
FF updating interval=515
Random Movement=OFF (40)
Filter=No Filter
Gantry direction=CW
Rotation Direction=CW
Intrinsic CS rotation in degree=0.0
Type of Detector Motion=STEP AND SHOOT
Scanning Trajectory=ROUND
Source Filament Type=W
Source spot size=Mid
Camera zoom position=Near
Suggested HU - Calibration=180000
Number Of Horizontal Offset Positions=1
Study Date and Time=31 Oct 2024  18h:32m:54s
Estimated Scan duration=7h:54m:45s
Scan duration=6h:37m:20s
Maximum Vertical TS=1.0
Maximum Horizontal TS=5.0
TS modified at=November01,08:52:34 ---  3601 of 3601 projections
TS modified according to=D:\Results\Schmid BFH Methylcellulose\Blobs\MC-Titanweiss\proj\TiO_2DTransform.csv
TS modified at level=3
[Reconstruction]
Reconstruction Program=NRecon
Program Version=Version: 2.2.0.6
Program Home Directory=C:\SkyScan2214\SkyScan2214 User Software
Reconstruction engine=GPUReconServer
Engine version=Version: 2.2.0
Reconstruction from batch=Yes
Postalignment Applied=1
Postalignment=-12.50
Reconstructed using oversize-option=No
Reconstruction servers= ANAMIC05 
Export VGL=0
Dataset Origin=SkyScan2214
Dataset Prefix=TiO
Dataset Directory=D:\Results\Schmid BFH Methylcellulose\Blobs\MC-Titanweiss\proj
Output Directory=D:\Results\Schmid BFH Methylcellulose\Blobs\MC-Titanweiss\rec
Time and Date=04 Nov 2024  19h:40m:55s
First Section=102
Last Section=2583
Reconstruction duration per slice (seconds)=0.908542
Total reconstruction time (2482 slices) in seconds=2255.000000
Heel Effect Correction On=0
Section to Section Step=1
Sections Count=2482
Result File Type=PNG
Result File Header Length (bytes)=Unknown: compressed JPG format (100%)
Result Image Width (pixels)=4032
Result Image Height (pixels)=4032
Pixel Size (um)=1.50005
Reconstruction Angular Range (deg)=360.00
Use 180+=OFF
Angular Step (deg)=0.1000
Smoothing=0
Ring Artifact Correction=5
Draw Scales=OFF
Object Bigger than FOV=ON
Reconstruction from ROI=OFF
Filter cutoff relative to Nyquist frequency=100
Filter type=0
Filter type description=Hamming (Alpha=0.54)
Undersampling factor=1
Threshold for defect pixel mask (%)=0
Beam Hardening Correction (%)=0
CS Static Rotation (deg)=0.00
CS Static Rotation Total(deg)=0.00
Minimum for CS to Image Conversion=0.000000
Maximum for CS to Image Conversion=0.500000
HU Calibration=OFF
BMP LUT=0
Cone-beam Angle Horiz.(deg)=8.789680
Cone-beam Angle Vert.(deg)=5.866176
[File name convention]
Filename Index Length=8
Filename Prefix=TiO_rec
