[System]
Scanner=SkyScan2214
Instrument S/N=20C18017
Software Version=1.8
Home Directory=C:\SkyScan2214\SkyScan2214 User Software
Source Type=Hamamatsu L10711
Camera Type=FlatPanel: 2...50um, 140mm max.FOV
Camera Pixel Size (um)=74.800
Camera X/Y Ratio=1.0050
[User]
User Name=Skyscan4
Computer Name=ANAMIC05
[Acquisition]
Data Directory=D:\Results\Schmid BFH Methylcellulose\Chunks\Chunks01_FP\proj
Filename Prefix=Chunks01
Number Of Files= 2205
Number Of Rows= 1944
Number Of Columns= 3066
Filename Index Length=8
Partial Width=OFF
Image crop origin X=0
Image crop origin Y=0
Camera binning=1x1
Image Rotation=0.18000
Optical Axis (line)= 1003
Object to Source (mm)=18.863
Camera to Source (mm)=313.563
Source Voltage (kV)=  40
Source Current (uA)= 120
Source Target Power (W)=1.38
Image Pixel Size (um)=4.499695
Scaled Image Pixel Size (um)=4.499695
Image Format=TIFF
Depth (bits)=16
Reference Intensity=58000
Exposure (ms)=2794
Rotation Step (deg)=0.100
Use 360 Rotation=NO
High Aspect Ratio=NO
Scanning position=50.960 mm
Frame Averaging=OFF (7)
Flat Field Correction=ON
FF updating interval=315
Random Movement=OFF (40)
Filter=No Filter
Gantry direction=CW
Rotation Direction=CW
Intrinsic CS rotation in degree=0.0
Type of Detector Motion=STEP AND SHOOT
Scanning Trajectory=ROUND
Source Filament Type=LaB6
Source spot size=Mid
Suggested HU - Calibration=180000
Number Of Horizontal Offset Positions=1
Study Date and Time=03 Jan 2025  15h:12m:18s
Estimated Scan duration=3h:14m:8s
Scan duration=4h:15m:57s
Maximum Vertical TS=4.0
Maximum Horizontal TS=4.0
TS modified at=January03,22:42:41 ---  2205 of 2205 projections
TS modified according to=D:\Results\Schmid BFH Methylcellulose\Chunks\Chunks01_FP\proj\Chunks01_2DTransform.csv
TS modified at level=3
[Reconstruction]
Reconstruction Program=NRecon
Program Version=Version: 2.2.0.6
Program Home Directory=C:\SkyScan2214\SkyScan2214 User Software
Reconstruction engine=GPUReconServer
Engine version=Version: 2.2.0
Reconstruction from batch=Yes
Postalignment Applied=1
Postalignment=39.50
Reconstructed using oversize-option=No
Reconstruction servers= ANAMIC05 
Export VGL=0
Dataset Origin=SkyScan2214
Dataset Prefix=Chunks01
Dataset Directory=D:\Results\Schmid BFH Methylcellulose\Chunks\Chunks01_FP\proj
Output Directory=D:\Results\Schmid BFH Methylcellulose\Chunks\Chunks01_FP\rec
Time and Date=10 Jan 2025  11h:24m:04s
First Section=1040
Last Section=1442
Reconstruction duration per slice (seconds)=0.369727
Total reconstruction time (403 slices) in seconds=149.000000
Heel Effect Correction On=0
Section to Section Step=1
Sections Count=403
Result File Type=PNG
Result File Header Length (bytes)=Unknown: compressed JPG format (100%)
Result Image Width (pixels)=3064
Result Image Height (pixels)=3064
Pixel Size (um)=4.49969
Reconstruction Angular Range (deg)=220.50
Use 180+=OFF
Angular Step (deg)=0.1000
Smoothing=0
Ring Artifact Correction=0
Draw Scales=OFF
Object Bigger than FOV=OFF
Reconstruction from ROI=OFF
Filter cutoff relative to Nyquist frequency=100
Filter type=0
Filter type description=Hamming (Alpha=0.54)
Undersampling factor=1
Threshold for defect pixel mask (%)=0
Beam Hardening Correction (%)=0
CS Static Rotation (deg)=89.83
CS Static Rotation Total(deg)=89.83
Minimum for CS to Image Conversion=0.000000
Maximum for CS to Image Conversion=0.038410
HU Calibration=OFF
BMP LUT=0
Cone-beam Angle Horiz.(deg)=40.174038
Cone-beam Angle Vert.(deg)=26.108618
