[System]
Scanner=SkyScan2214
Instrument S/N=20C18017
Software Version=1.8
Home Directory=C:\SkyScan2214\SkyScan2214 User Software
Source Type=Hamamatsu L10711
Camera Type=CCD2: 0.2...6um, 22/42mm max.FOV
Camera Pixel Size (um)=8.916
Camera X/Y Ratio=1.0020
[User]
User Name=Skyscan4
Computer Name=ANAMIC05
[Acquisition]
Data Directory=D:\Results\Schmid BFH Methylcellulose\Blobs_HR\MC\proj
Filename Prefix=MC
Number Of Files= 1850
Number Of Rows= 2688
Number Of Columns= 4032
Filename Index Length=8
Partial Width=OFF
Image crop origin X=0
Image crop origin Y=0
Camera binning=1x1
Image Rotation=0.28000
Optical Axis (line)= 1333
Object to Source (mm)=14.710
Camera to Source (mm)=393.852
Source Voltage (kV)=  40
Source Current (uA)= 120
Source Target Power (W)=1.11
Image Pixel Size (um)=0.333002
Scaled Image Pixel Size (um)=0.333002
Image Format=TIFF
Depth (bits)=16
Reference Intensity=58000
Camera position=far
Exposure (ms)=3291
Rotation Step (deg)=0.100
Use 360 Rotation=NO
High Aspect Ratio=NO
Scanning position=11.750 mm
Frame Averaging=ON (3)
Flat Field Correction=ON
FF updating interval=265
Random Movement=OFF (40)
Filter=No Filter
Gantry direction=CW
Rotation Direction=CW
Intrinsic CS rotation in degree=0.0
Type of Detector Motion=STEP AND SHOOT
Scanning Trajectory=ROUND
Source Filament Type=W
Source spot size=Mid
Camera zoom position=Far
Suggested HU - Calibration=180000
Number Of Horizontal Offset Positions=1
Study Date and Time=12 Nov 2024  00h:51m:27s
Estimated Scan duration=7h:43m:39s
Scan duration=7h:11m:20s
Maximum Vertical TS=5.0
Maximum Horizontal TS=0.0
[Reconstruction]
Pseudo-parallel projection calculated=1
