[System]
Scanner=SkyScan2214
Instrument S/N=20C18017
Software Version=1.8
Home Directory=C:\SkyScan2214\SkyScan2214 User Software
Source Type=Hamamatsu L10711
Camera Type=FlatPanel: 2...50um, 140mm max.FOV
Camera Pixel Size (um)=74.800
Camera X/Y Ratio=1.0050
[User]
User Name=Skyscan4
Computer Name=ANAMIC05
[Acquisition]
Data Directory=D:\Results\Schmid BFH Methylcellulose\Kreidegrund\MC\proj
Filename Prefix=MC
Number Of Files= 3601
Number Of Rows= 1944
Number Of Columns= 3066
Filename Index Length=8
Partial Width=OFF
Image crop origin X=0
Image crop origin Y=0
Camera binning=1x1
Image Rotation=0.18000
Optical Axis (line)= 1003
Object to Source (mm)=12.202
Camera to Source (mm)=313.563
Source Voltage (kV)=  40
Source Current (uA)= 120
Source Target Power (W)=1.24
Image Pixel Size (um)=2.910687
Scaled Image Pixel Size (um)=2.910687
Image Format=TIFF
Depth (bits)=16
Reference Intensity=58000
Exposure (ms)=3105
Rotation Step (deg)=0.100
Use 360 Rotation=YES
High Aspect Ratio=NO
Scanning position=11.484 mm
Frame Averaging=OFF (3)
Flat Field Correction=ON
FF updating interval=515
Random Movement=OFF (40)
Filter=No Filter
Gantry direction=CW
Rotation Direction=CW
Intrinsic CS rotation in degree=0.0
Type of Detector Motion=STEP AND SHOOT
Scanning Trajectory=ROUND
Source Filament Type=W
Source spot size=Mid
Suggested HU - Calibration=180000
Number Of Horizontal Offset Positions=1
Study Date and Time=30 Oct 2024  16h:04m:48s
Estimated Scan duration=5h:15m:23s
Scan duration=7h:36m:18s
Maximum Vertical TS=3.0
Maximum Horizontal TS=2.0
TS modified at=October31,09:09:40 ---  3601 of 3601 projections
TS modified according to=D:\Results\Schmid BFH Methylcellulose\Kreidegrund\MC\proj\MC_2DTransform.csv
TS modified at level=3
[Reconstruction]
Reconstruction Program=NRecon
Program Version=Version: 2.2.0.6
Program Home Directory=C:\SkyScan2214\SkyScan2214 User Software
Reconstruction engine=GPUReconServer
Engine version=Version: 2.2.0
Reconstruction from batch=Yes
Postalignment Applied=1
Postalignment=-5.50
Reconstructed using oversize-option=No
Reconstruction servers= ANAMIC05 
Export VGL=0
Dataset Origin=SkyScan2214
Dataset Prefix=MC
Dataset Directory=D:\Results\Schmid BFH Methylcellulose\Kreidegrund\MC\proj
Output Directory=D:\Results\Schmid BFH Methylcellulose\Kreidegrund\MC\rec
Time and Date=09 Dec 2025  10h:25m:53s
First Section=700
Last Section=1707
Reconstruction duration per slice (seconds)=0.309524
Total reconstruction time (1008 slices) in seconds=312.000000
Heel Effect Correction On=0
Section to Section Step=1
Sections Count=1008
Result File Type=PNG
Result File Header Length (bytes)=Unknown: compressed JPG format (100%)
Result Image Width (pixels)=2052
Result Image Height (pixels)=2052
Pixel Size (um)=2.91069
Reconstruction Angular Range (deg)=360.00
Use 180+=OFF
Angular Step (deg)=0.1000
Smoothing=0
Ring Artifact Correction=5
Draw Scales=OFF
Object Bigger than FOV=OFF
Reconstruction from ROI=ON
ROI Top (pixels)=2492
ROI Bottom (pixels)=438
ROI Left (pixels)=497
ROI Right (pixels)=2551
ROI reference length=3066
Filter cutoff relative to Nyquist frequency=100
Filter type=0
Filter type description=Hamming (Alpha=0.54)
Undersampling factor=1
Threshold for defect pixel mask (%)=0
Beam Hardening Correction (%)=0
CS Static Rotation (deg)=-37.11
CS Static Rotation Total(deg)=-37.11
Minimum for CS to Image Conversion=0.000000
Maximum for CS to Image Conversion=0.300000
HU Calibration=OFF
BMP LUT=0
Cone-beam Angle Horiz.(deg)=40.173374
Cone-beam Angle Vert.(deg)=26.108164
