[System]
Scanner=SkyScan2214
Instrument S/N=20C18017
Software Version=1.10.0
Home Directory=C:\SkyScan2214\SkyScan2214 User Software
Source Type=Hamamatsu L10711
Camera Type=CAM2: 0.2...6um, 22/42mm max.FOV
Camera Pixel Size (um)=8.916
Camera X/Y Ratio=1.0020
[User]
User Name=Skyscan4
Computer Name=ANAMIC05
[Acquisition]
Data Directory=D:\Results\Schmid BFH Methylcellulose\Framed\02_0.65um\proj
Filename Prefix=Rahmen02
Number Of Files= 3601
Number Of Rows= 2688
Number Of Columns= 4032
Filename Index Length=8
Partial Width=OFF
Image crop origin X=0
Image crop origin Y=0
Camera binning=1x1
Image Rotation=0.24000
Optical Axis (line)= 1333
Object to Source (mm)=17.053
Camera to Source (mm)=233.876
Source Voltage (kV)=  25
Source Current (uA)= 100
Source Target Power (W)=0.06
Image Pixel Size (um)=0.650109
Scaled Image Pixel Size (um)=0.650109
Image Format=TIFF
Depth (bits)=16
Reference Intensity=58000
Camera position=close
Exposure (ms)=9829
Rotation Step (deg)=0.100
Use 360 Rotation=YES
High Aspect Ratio=NO
Scanning position=21.004 mm
Frame Averaging=OFF (5)
Flat Field Correction=ON
Geometrical Correction=ON
Camera Manufacturer Geometrical Correction=ON
FF updating interval=515
Random Movement=OFF (40)
Use camera up/down movement for ring suppression scans=OFF (40)
Filter=No Filter
Gantry direction=CW
Rotation Direction=CW
Intrinsic CS rotation in degree=0.0
Suggested HU - Calibration=180000
Type of Detector Motion=STEP AND SHOOT
Scanning Trajectory=ROUND
Source Filament Type=LaB6
Source spot size=Small
Camera zoom position=Near
Number Of Horizontal Offset Positions=1
Study Date and Time=08 Jul 2025  05h:32m:48s
Estimated Scan duration=11h:25m:55s
Scan duration=13h:19m:2s
Maximum Vertical TS=7.0
Maximum Horizontal TS=12.0
TS modified at=July08,09:43:22 ---  3601 of 3601 projections
TS modified according to=D:\Results\Schmid BFH Methylcellulose\Framed\02_0.65um\proj\Rahmen02_2DTransform.csv
TS modified at level=3
[Reconstruction]
Reconstruction Program=NRecon
Program Version=Version: 2.2.0.6
Program Home Directory=C:\SkyScan2214\SkyScan2214 User Software
Reconstruction engine=GPUReconServer
Engine version=Version: 2.2.0
Reconstruction from batch=Yes
Postalignment Applied=1
Postalignment=125.00
Reconstructed using oversize-option=No
Reconstruction servers= ANAMIC05 
Export VGL=0
Dataset Origin=SkyScan2214
Dataset Prefix=Rahmen02
Dataset Directory=D:\Results\Schmid BFH Methylcellulose\Framed\02_0.65um\proj
Output Directory=D:\Results\Schmid BFH Methylcellulose\Framed\02_0.65um\rec
Time and Date=08 Jul 2025  18h:17m:02s
First Section=102
Last Section=2583
Reconstruction duration per slice (seconds)=0.706688
Total reconstruction time (2482 slices) in seconds=1754.000000
Heel Effect Correction On=0
Section to Section Step=1
Sections Count=2482
Result File Type=PNG
Result File Header Length (bytes)=Unknown: compressed JPG format (100%)
Result Image Width (pixels)=4032
Result Image Height (pixels)=4032
Pixel Size (um)=0.65011
Reconstruction Angular Range (deg)=360.00
Use 180+=OFF
Angular Step (deg)=0.1000
Smoothing=0
Ring Artifact Correction=11
Draw Scales=OFF
Object Bigger than FOV=ON
Reconstruction from ROI=OFF
Filter cutoff relative to Nyquist frequency=100
Filter type=0
Filter type description=Hamming (Alpha=0.54)
Undersampling factor=1
Threshold for defect pixel mask (%)=0
Beam Hardening Correction (%)=0
CS Static Rotation (deg)=82.38
CS Static Rotation Total(deg)=82.38
Minimum for CS to Image Conversion=0.000000
Maximum for CS to Image Conversion=0.550105
HU Calibration=OFF
BMP LUT=0
Cone-beam Angle Horiz.(deg)=8.789732
Cone-beam Angle Vert.(deg)=5.866211
[File name convention]
Filename Index Length=8
Filename Prefix=Rahmen02_rec
