[System]
Scanner=SkyScan2214
Instrument S/N=20C18017
Software Version=1.8
Home Directory=C:\SkyScan2214\SkyScan2214 User Software
Source Type=Hamamatsu L10711
Camera Type=CCD2: 0.2...6um, 22/42mm max.FOV
Camera Pixel Size (um)=8.916
Camera X/Y Ratio=1.0020
[User]
User Name=Skyscan4
Computer Name=ANAMIC05
[Acquisition]
Data Directory=D:\Results\Schmid BFH Methylcellulose\Blobs_HR\MC\proj
Filename Prefix=MC
Number Of Files= 1850
Number Of Rows= 2688
Number Of Columns= 4032
Filename Index Length=8
Partial Width=OFF
Image crop origin X=0
Image crop origin Y=0
Camera binning=1x1
Image Rotation=0.28000
Optical Axis (line)= 1333
Object to Source (mm)=14.710
Camera to Source (mm)=393.852
Source Voltage (kV)=  40
Source Current (uA)= 120
Source Target Power (W)=1.11
Image Pixel Size (um)=0.333002
Scaled Image Pixel Size (um)=0.333002
Image Format=TIFF
Depth (bits)=16
Reference Intensity=58000
Camera position=far
Exposure (ms)=3291
Rotation Step (deg)=0.100
Use 360 Rotation=NO
High Aspect Ratio=NO
Scanning position=11.750 mm
Frame Averaging=ON (3)
Flat Field Correction=ON
FF updating interval=265
Random Movement=OFF (40)
Filter=No Filter
Gantry direction=CW
Rotation Direction=CW
Intrinsic CS rotation in degree=0.0
Type of Detector Motion=STEP AND SHOOT
Scanning Trajectory=ROUND
Source Filament Type=W
Source spot size=Mid
Camera zoom position=Far
Suggested HU - Calibration=180000
Number Of Horizontal Offset Positions=1
Study Date and Time=12 Nov 2024  00h:51m:27s
Estimated Scan duration=7h:43m:39s
Scan duration=7h:11m:20s
Maximum Vertical TS=24.0
Maximum Horizontal TS=3.0
TS modified at=November12,09:20:28 ---  1850 of 1850 projections
TS modified according to=D:\Results\Schmid BFH Methylcellulose\Blobs_HR\MC\proj\MC_2DTransform.csv
TS modified at level=4
[Reconstruction]
Reconstruction Program=NRecon
Program Version=Version: 2.2.0.6
Program Home Directory=C:\SkyScan2214\SkyScan2214 User Software
Reconstruction engine=GPUReconServer
Engine version=Version: 2.2.0
Reconstruction from batch=Yes
Postalignment Applied=1
Postalignment=-23.00
Reconstructed using oversize-option=No
Reconstruction servers= ANAMIC05 
Export VGL=0
Dataset Origin=SkyScan2214
Dataset Prefix=MC
Dataset Directory=D:\Results\Schmid BFH Methylcellulose\Blobs_HR\MC\proj\TScopy
Output Directory=D:\Results\Schmid BFH Methylcellulose\Blobs_HR\MC\rec
Time and Date=13 Nov 2024  09h:42m:10s
First Section=60
Last Section=2625
Reconstruction duration per slice (seconds)=0.426734
Total reconstruction time (2566 slices) in seconds=1095.000000
Heel Effect Correction On=0
Section to Section Step=1
Sections Count=2566
Result File Type=PNG
Result File Header Length (bytes)=Unknown: compressed JPG format (100%)
Result Image Width (pixels)=4032
Result Image Height (pixels)=4032
Pixel Size (um)=0.33300
Reconstruction Angular Range (deg)=185.00
Use 180+=OFF
Angular Step (deg)=0.1000
Smoothing=0
Ring Artifact Correction=5
Draw Scales=OFF
Object Bigger than FOV=ON
Reconstruction from ROI=OFF
Filter cutoff relative to Nyquist frequency=100
Filter type=0
Filter type description=Hamming (Alpha=0.54)
Undersampling factor=1
Threshold for defect pixel mask (%)=0
Beam Hardening Correction (%)=0
CS Static Rotation (deg)=0.00
CS Static Rotation Total(deg)=0.00
Minimum for CS to Image Conversion=0.000000
Maximum for CS to Image Conversion=1.192496
HU Calibration=OFF
BMP LUT=0
Cone-beam Angle Horiz.(deg)=5.226080
Cone-beam Angle Vert.(deg)=3.485396
[File name convention]
Filename Index Length=8
Filename Prefix=MC_rec
